GEM
  specs:
    mail (2.7.1)
      mini_mime (>= 0.1.1)
    mini_mime (1.0.2)

PLATFORMS
  ruby

DEPENDENCIES
  mail (~> 2.6, >= 2.6.3)

BUNDLED WITH
   2.0.1
